GEM
  remote: https://rubygems.org/
  specs:
    bcrypt (3.1.11-x64-mingw32)
    html-sanitizer (0.0.2)
      loofah (~> 2.0)
    loofah (2.0.3)
      nokogiri (>= 1.5.9)
    mail (2.6.4)
      mime-types (>= 1.16, < 4)
    mime-types (3.0)
      mime-types-data (~> 3.2015)
    mime-types-data (3.2016.0221)
    mini_portile2 (2.0.0)
    nokogiri (1.6.7.2-x64-mingw32)
      mini_portile2 (~> 2.0.0.rc2)
    pony (1.11)
      mail (>= 2.0)
    rack (1.6.4)
    rack-protection (1.5.3)
      rack
    rake (11.1.2)
    sequel (4.33.0)
    sinatra (1.4.7)
      rack (~> 1.5)
      rack-protection (~> 1.4)
      tilt (>= 1.3, < 3)
    sqlite3 (1.3.11-x64-mingw32)
    tilt (2.0.2)

PLATFORMS
  x64-mingw32

DEPENDENCIES
  bcrypt
  html-sanitizer
  pony
  rake
  sequel
  sinatra
  sqlite3
